GEM
  remote: http://rubygems.org/
  specs:
    Selenium (1.1.14)
    activemodel (3.0.3)
      activesupport (= 3.0.3)
      builder (~> 2.1.2)
      i18n (~> 0.4)
    activerecord (3.0.3)
      activemodel (= 3.0.3)
      activesupport (= 3.0.3)
      arel (~> 2.0.2)
      tzinfo (~> 0.3.23)
    activesupport (3.0.3)
    arel (2.0.4)
    builder (2.1.2)
    capybara (0.3.9)
      culerity (>= 0.2.4)
      mime-types (>= 1.16)
      nokogiri (>= 1.3.3)
      rack (>= 1.0.0)
      rack-test (>= 0.5.4)
      selenium-webdriver (>= 0.0.3)
    capybara-envjs (0.1.6)
      capybara (>= 0.3.9)
      envjs (>= 0.3.7)
    cucumber (0.8.5)
      builder (~> 2.1.2)
      diff-lcs (~> 1.1.2)
      gherkin (~> 2.1.4)
      json_pure (~> 1.4.3)
      term-ansicolor (~> 1.0.4)
    culerity (0.2.10)
    diff-lcs (1.1.2)
    envjs (0.3.7)
      johnson (>= 2.0.0.pre3)
    ffi (0.6.3)
      rake (>= 0.8.7)
    gherkin (2.1.5)
      trollop (~> 1.16.2)
    i18n (0.4.2)
    johnson (2.0.0.pre3)
      stackdeck (~> 0.2)
    json_pure (1.4.6)
    mime-types (1.16)
    nokogiri (1.4.3.1)
    rack (1.2.1)
    rack-test (0.5.4)
      rack (>= 1.0)
    rake (0.8.7)
    rspec (1.3.0)
    rubyzip (0.9.4)
    selenium-client (1.2.18)
    selenium-webdriver (0.0.27)
      ffi (>= 0.6.1)
      json_pure
      rubyzip
    stackdeck (0.2.0)
    term-ansicolor (1.0.5)
    trollop (1.16.2)
    tzinfo (0.3.23)

PLATFORMS
  ruby

DEPENDENCIES
  Selenium
  activerecord
  capybara
  capybara-envjs
  cucumber
  rspec
  selenium-client
  selenium-webdriver
